GEM
  remote: https://rubygems.org/
  specs:
    diff-lcs (1.4.4)
    rack (2.2.3)
    rack-cache (1.13.0)
      rack (>= 0.4)
    rspec (3.10.0)
      rspec-core (~> 3.10.0)
      rspec-expectations (~> 3.10.0)
      rspec-mocks (~> 3.10.0)
    rspec-core (3.10.1)
      rspec-support (~> 3.10.0)
    rspec-expectations (3.10.1)
      diff-lcs (>= 1.2.0, < 2.0)
      rspec-support (~> 3.10.0)
    rspec-mocks (3.10.2)
      diff-lcs (>= 1.2.0, < 2.0)
      rspec-support (~> 3.10.0)
    rspec-support (3.10.2)

PLATFORMS
  arm64-darwin-21

DEPENDENCIES
  rack-cache
  rspec

BUNDLED WITH
   2.2.30
